ObjectType = Image
NDims = 2
BinaryData = True
BinaryDataByteOrderMSB = False
DimSize = 256 256 
Offset = 0.0 0.0
ElementSpacing = 1.0 1.0 
ElementType = MET_SHORT
ElementDataFile = fixed_t1.raw
