ObjectType = Image
NDims = 2
BinaryData = True
BinaryDataByteOrderMSB = False
DimSize = 256 256
ElementType = MET_SHORT
ElementDataFile = solution_deformedmovingimage.raw
